GEM
  specs:
    httparty (0.17.0)
      mime-types (~> 3.0)
      multi_xml (>= 0.5.2)
    json (2.1.0)
    mime-types (3.1)
      mime-types-data (~> 3.2015)
    mime-types-data (3.2016.0521)
    multi_xml (0.6.0)

PLATFORMS
  ruby

DEPENDENCIES
  httparty
  json

BUNDLED WITH
   1.16.2
